GEM
  remote: https://rubygems.org/
  specs:
    daemons (1.4.0)
    eventmachine (1.2.7)
    httparty (0.18.1)
      mime-types (~> 3.0)
      multi_xml (>= 0.5.2)
    ifsc (1.5.13)
      httparty (~> 0.16)
    kramdown (2.3.1)
      rexml
    mime-types (3.3.1)
      mime-types-data (~> 3.2015)
    mime-types-data (3.2021.0225)
    multi_json (1.15.0)
    multi_xml (0.6.0)
    mustermann (1.1.1)
      ruby2_keywords (~> 0.0.1)
    prometheus-client (2.1.0)
    rack (2.2.3)
    rack-protection (2.1.0)
      rack
    rack-ssl-enforcer (0.2.9)
    redis (4.2.5)
    rexml (3.2.5)
    ruby2_keywords (0.0.4)
    secure_headers (6.3.2)
    sinatra (2.1.0)
      mustermann (~> 1.0)
      rack (~> 2.2)
      rack-protection (= 2.1.0)
      tilt (~> 2.0)
    sinatra-contrib (2.1.0)
      multi_json
      mustermann (~> 1.0)
      rack-protection (= 2.1.0)
      sinatra (= 2.1.0)
      tilt (~> 2.0)
    thin (1.8.1)
      daemons (~> 1.0, >= 1.0.9)
      eventmachine (~> 1.0, >= 1.0.4)
      rack (>= 1, < 3)
    tilt (2.0.10)

PLATFORMS
  ruby

DEPENDENCIES
  ifsc
  kramdown
  prometheus-client
  rack-ssl-enforcer
  redis
  secure_headers
  sinatra
  sinatra-contrib
  thin

BUNDLED WITH
   2.2.17
