GEM
  remote: https://rubygems.org/
  specs:
    backports (3.13.0)
    daemons (1.3.1)
    eventmachine (1.2.7)
    kramdown (2.1.0)
    multi_json (1.13.1)
    mustermann (1.0.3)
    prometheus-client (0.9.0)
      quantile (~> 0.2.1)
    quantile (0.2.1)
    rack (2.0.7)
    rack-protection (2.0.5)
      rack
    rack-ssl-enforcer (0.2.9)
    redis (4.1.2)
    secure_headers (6.1.1)
    sinatra (2.0.5)
      mustermann (~> 1.0)
      rack (~> 2.0)
      rack-protection (= 2.0.5)
      tilt (~> 2.0)
    sinatra-contrib (2.0.5)
      backports (>= 2.8.2)
      multi_json
      mustermann (~> 1.0)
      rack-protection (= 2.0.5)
      sinatra (= 2.0.5)
      tilt (>= 1.3, < 3)
    thin (1.7.2)
      daemons (~> 1.0, >= 1.0.9)
      eventmachine (~> 1.0, >= 1.0.4)
      rack (>= 1, < 3)
    tilt (2.0.9)

PLATFORMS
  ruby

DEPENDENCIES
  kramdown
  prometheus-client
  rack-ssl-enforcer
  redis
  secure_headers
  sinatra
  sinatra-contrib
  thin

BUNDLED WITH
   2.0.1
