GEM
  remote: https://rubygems.org/
  specs:
    backports (3.10.3)
    daemons (1.2.5)
    eventmachine (1.2.5)
    kramdown (1.15.0)
    multi_json (1.12.2)
    mustermann (1.0.1)
    rack (2.0.3)
    rack-protection (2.0.0)
      rack
    rack-ssl-enforcer (0.2.9)
    redis (4.0.1)
    secure_headers (5.0.2)
      useragent (>= 0.15.0)
    sinatra (2.0.0)
      mustermann (~> 1.0)
      rack (~> 2.0)
      rack-protection (= 2.0.0)
      tilt (~> 2.0)
    sinatra-contrib (2.0.0)
      backports (>= 2.0)
      multi_json
      mustermann (~> 1.0)
      rack-protection (= 2.0.0)
      sinatra (= 2.0.0)
      tilt (>= 1.3, < 3)
    thin (1.7.2)
      daemons (~> 1.0, >= 1.0.9)
      eventmachine (~> 1.0, >= 1.0.4)
      rack (>= 1, < 3)
    tilt (2.0.8)
    useragent (0.16.8)

PLATFORMS
  ruby

DEPENDENCIES
  kramdown
  rack-ssl-enforcer
  redis
  secure_headers
  sinatra
  sinatra-contrib
  thin

BUNDLED WITH
   1.16.0
