GEM
  remote: https://rubygems.org/
  specs:
    base64 (0.2.0)
    connection_pool (2.4.1)
    daemons (1.4.1)
    daru (0.3)
      packable (~> 1.3.13)
    eventmachine (1.2.7)
    httparty (0.21.0)
      mini_mime (>= 1.0.0)
      multi_xml (>= 0.5.2)
    ifsc (2.0.22)
      httparty (~> 0.16)
    kramdown (2.4.0)
      rexml
    matrix (0.4.2)
    mini_mime (1.1.5)
    multi_xml (0.6.0)
    mustermann (3.0.0)
      ruby2_keywords (~> 0.0.1)
    packable (1.3.18)
    power_assert (2.0.3)
    prometheus-client (4.2.2)
    rack (2.2.8)
    rack-protection (3.2.0)
      base64 (>= 0.1.0)
      rack (~> 2.2, >= 2.2.4)
    rack-ssl-enforcer (0.2.9)
    rack-test (2.1.0)
      rack (>= 1.3)
    redis (4.7.1)
    rexml (3.2.6)
    ruby2_keywords (0.0.5)
    secure_headers (6.5.0)
    sinatra (3.2.0)
      mustermann (~> 3.0)
      rack (~> 2.2, >= 2.2.4)
      rack-protection (= 3.2.0)
      tilt (~> 2.0)
    test-unit (3.6.1)
      power_assert
    thin (1.8.2)
      daemons (~> 1.0, >= 1.0.9)
      eventmachine (~> 1.0, >= 1.0.4)
      rack (>= 1, < 3)
    tilt (2.3.0)

PLATFORMS
  arm64-darwin-22
  x86_64-darwin-21
  x86_64-linux

DEPENDENCIES
  daru
  ifsc
  kramdown
  matrix (~> 0.4.2)
  prometheus-client
  rack-ssl-enforcer
  rack-test (~> 2.0)
  redis
  secure_headers
  sinatra
  test-unit (~> 3.5)
  thin

BUNDLED WITH
   2.4.10
