GEM
  remote: https://rubygems.org/
  specs:
    backports (3.23.0)
    daemons (1.4.1)
    daru (0.3)
      packable (~> 1.3.13)
    eventmachine (1.2.7)
    httparty (0.20.0)
      mime-types (~> 3.0)
      multi_xml (>= 0.5.2)
    ifsc (2.0.10)
      httparty (~> 0.16)
    kramdown (2.4.0)
      rexml
    matrix (0.4.2)
    mime-types (3.4.1)
      mime-types-data (~> 3.2015)
    mime-types-data (3.2022.0105)
    multi_xml (0.6.0)
    mustermann (2.0.2)
      ruby2_keywords (~> 0.0.1)
    packable (1.3.15)
      backports
    power_assert (2.0.1)
    prometheus-client (4.0.0)
    rack (2.2.4)
    rack-protection (2.2.2)
      rack
    rack-ssl-enforcer (0.2.9)
    rack-test (2.0.2)
      rack (>= 1.3)
    redis (4.7.1)
    rexml (3.2.5)
    ruby2_keywords (0.0.5)
    secure_headers (6.4.0)
    sinatra (2.2.2)
      mustermann (~> 2.0)
      rack (~> 2.2)
      rack-protection (= 2.2.2)
      tilt (~> 2.0)
    test-unit (3.5.3)
      power_assert
    thin (1.8.1)
      daemons (~> 1.0, >= 1.0.9)
      eventmachine (~> 1.0, >= 1.0.4)
      rack (>= 1, < 3)
    tilt (2.0.11)

PLATFORMS
  ruby

DEPENDENCIES
  daru
  ifsc
  kramdown
  matrix (~> 0.4.2)
  prometheus-client
  rack-ssl-enforcer
  rack-test (~> 2.0)
  redis
  secure_headers
  sinatra
  test-unit (~> 3.5)
  thin

BUNDLED WITH
   2.3.11
