GEM
  remote: https://rubygems.org/
  specs:
    backports (3.15.0)
    daemons (1.3.1)
    eventmachine (1.2.7)
    httparty (0.17.0)
      mime-types (~> 3.0)
      multi_xml (>= 0.5.2)
    ifsc (1.4.5)
      httparty (~> 0.16)
    kramdown (2.1.0)
    mime-types (3.2.2)
      mime-types-data (~> 3.2015)
    mime-types-data (3.2019.0331)
    multi_json (1.13.1)
    multi_xml (0.6.0)
    mustermann (1.0.3)
    prometheus-client (0.10.0)
    rack (2.0.7)
    rack-protection (2.0.7)
      rack
    rack-ssl-enforcer (0.2.9)
    redis (4.1.3)
    secure_headers (6.1.1)
    sinatra (2.0.7)
      mustermann (~> 1.0)
      rack (~> 2.0)
      rack-protection (= 2.0.7)
      tilt (~> 2.0)
    sinatra-contrib (2.0.7)
      backports (>= 2.8.2)
      multi_json
      mustermann (~> 1.0)
      rack-protection (= 2.0.7)
      sinatra (= 2.0.7)
      tilt (~> 2.0)
    thin (1.7.2)
      daemons (~> 1.0, >= 1.0.9)
      eventmachine (~> 1.0, >= 1.0.4)
      rack (>= 1, < 3)
    tilt (2.0.9)

PLATFORMS
  ruby

DEPENDENCIES
  ifsc
  kramdown
  prometheus-client
  rack-ssl-enforcer
  redis
  secure_headers
  sinatra
  sinatra-contrib
  thin

BUNDLED WITH
   2.0.2
